PATH
  remote: .
  specs:
    pecan (0.1.2.alpha)

GEM
  remote: https://rubygems.org/
  specs:
    minitest (5.8.5)
    rake (10.4.2)

PLATFORMS
  ruby

DEPENDENCIES
  bundler (~> 1.16)
  minitest (~> 5.0)
  pecan!
  rake (~> 10.0)

BUNDLED WITH
   1.16.0
